GEM
  remote: https://oss:ECnrX3vg365mE9wWNEheiEWqUvdhUsLj@gem.mutant.dev/
  specs:
    mutant-license (0.1.1.2.0148221390119146144327241317534196682215.2)

GEM
  remote: https://rubygems.org/
  specs:
    diff-lcs (1.5.0)
    minitest (4.1.0)
    rspec (3.12.0)
      rspec-core (~> 3.12.0)
      rspec-expectations (~> 3.12.0)
      rspec-mocks (~> 3.12.0)
    rspec-core (3.12.2)
      rspec-support (~> 3.12.0)
    rspec-expectations (3.12.3)
      diff-lcs (>= 1.2.0, < 2.0)
      rspec-support (~> 3.12.0)
    rspec-mocks (3.12.6)
      diff-lcs (>= 1.2.0, < 2.0)
      rspec-support (~> 3.12.0)
    rspec-support (3.12.1)

PLATFORMS
  ruby

DEPENDENCIES
  minitest
  mutant-license!
  rspec

BUNDLED WITH
   2.4.20
